GEM
  remote: https://rubygems.org/
  specs:
    docile (1.4.0)
    power_assert (2.0.1)
    rake (13.0.6)
    simplecov (0.21.2)
      docile (~> 1.1)
      simplecov-html (~> 0.11)
      simplecov_json_formatter (~> 0.1)
    simplecov-html (0.12.3)
    simplecov-rcov (0.2.3)
      simplecov (>= 0.4.1)
    simplecov_json_formatter (0.1.3)
    test-unit (3.4.6)
      power_assert

PLATFORMS
  ruby

DEPENDENCIES
  rake (~> 13.0)
  simplecov (~> 0.21.2)
  simplecov-rcov (~> 0.2.3)
  test-unit (~> 3.4)

BUNDLED WITH
   2.2.19
